GEM
  remote: https://rubygems.org/
  specs:
    bcrypt (3.1.20)
    coderay (1.1.3)
    date (3.3.4)
    method_source (1.0.0)
    mini_portile2 (2.8.5)
    nokogiri (1.16.0)
      mini_portile2 (~> 2.8.2)
      racc (~> 1.4)
    open-uri (0.4.1)
      stringio
      time
      uri
    pry (0.14.2)
      coderay (~> 1.1)
      method_source (~> 1.0)
    racc (1.7.3)
    stringio (3.1.0)
    time (0.3.0)
      date
    uri (0.13.0)

PLATFORMS
  ruby

DEPENDENCIES
  bcrypt
  nokogiri
  open-uri
  pry

BUNDLED WITH
   2.3.7
